GIT
  remote: https://github.com/tadd/osis2html5.git
  revision: eee973a97d4650ca1df6ed4437192794fd49b6b8
  specs:
    osis2html5 (0.1.0)
      nokogiri (> 0)
      parallel (> 0)

GEM
  remote: https://rubygems.org/
  specs:
    mini_portile2 (2.3.0)
    nokogiri (1.8.5)
      mini_portile2 (~> 2.3.0)
    parallel (1.12.1)
    rake (12.3.1)

PLATFORMS
  ruby

DEPENDENCIES
  osis2html5!
  rake

BUNDLED WITH
   1.17.1
