GIT
  remote: https://github.com/tadd/osis2html5.git
  revision: 9321805d09778ea15ad56d06ea02221e1820606c
  specs:
    osis2html5 (0.1.1)
      nokogiri (> 0)
      parallel (> 0)

GEM
  remote: https://rubygems.org/
  specs:
    mini_portile2 (2.8.9)
    nokogiri (1.18.8)
      mini_portile2 (~> 2.8.2)
      racc (~> 1.4)
    parallel (1.27.0)
    racc (1.8.1)
    rake (13.2.1)

PLATFORMS
  ruby

DEPENDENCIES
  osis2html5!
  rake

BUNDLED WITH
   2.6.9
