GIT
  remote: https://github.com/tadd/osis2html5.git
  revision: cc5181cb3c9f304d32b7787e468cae534f080d9e
  specs:
    osis2html5 (0.1.1)
      nokogiri (> 0)
      parallel (> 0)

GEM
  remote: https://rubygems.org/
  specs:
    mini_portile2 (2.8.9)
    nokogiri (1.18.10)
      mini_portile2 (~> 2.8.2)
      racc (~> 1.4)
    parallel (1.27.0)
    racc (1.8.1)
    rake (13.3.1)

PLATFORMS
  ruby

DEPENDENCIES
  osis2html5!
  rake

BUNDLED WITH
   2.7.2
