GIT
  remote: https://github.com/tadd/osis2html5.git
  revision: 2aee38bd3e2ac038d2964d7ae62b1a4be3d9f6b9
  specs:
    osis2html5 (0.1.0)
      nokogiri (> 0)
      parallel (> 0)

GEM
  remote: https://rubygems.org/
  specs:
    mini_portile2 (2.8.8)
    nokogiri (1.18.3)
      mini_portile2 (~> 2.8.2)
      racc (~> 1.4)
    parallel (1.26.3)
    racc (1.8.1)
    rake (13.2.1)

PLATFORMS
  ruby

DEPENDENCIES
  osis2html5!
  rake

BUNDLED WITH
   2.5.18
